GEM
  remote: https://rubygems.org/
  specs:
    aruba (0.6.2)
      childprocess (>= 0.3.6)
      cucumber (>= 1.1.1)
      rspec-expectations (>= 2.7.0)
    bit-struct (0.16)
    builder (3.2.4)
    childprocess (3.0.0)
    cucumber (1.3.20)
      builder (>= 2.1.2)
      diff-lcs (>= 1.1.3)
      gherkin (~> 2.12)
      multi_json (>= 1.7.5, < 2.0)
      multi_test (>= 0.1.2)
    diff-lcs (1.3)
    geoip-c (0.9.1)
    gherkin (2.12.2)
      multi_json (~> 1.3)
    htmlentities (4.3.4)
    maxmind-db (1.0.0)
    mini_portile2 (2.4.0)
    multi_json (1.14.1)
    multi_test (0.1.2)
    net-dns (0.9.0)
    nokogiri (1.10.9)
      mini_portile2 (~> 2.4.0)
    oj (3.10.6)
    recog (2.3.8)
      nokogiri
    rspec (3.9.0)
      rspec-core (~> 3.9.0)
      rspec-expectations (~> 3.9.0)
      rspec-mocks (~> 3.9.0)
    rspec-core (3.9.2)
      rspec-support (~> 3.9.3)
    rspec-expectations (3.9.2)
      diff-lcs (>= 1.2.0, < 2.0)
      rspec-support (~> 3.9.0)
    rspec-mocks (3.9.1)
      diff-lcs (>= 1.2.0, < 2.0)
      rspec-support (~> 3.9.0)
    rspec-support (3.9.3)

PLATFORMS
  ruby

DEPENDENCIES
  aruba (~> 0.6.1)
  bit-struct
  cucumber (~> 1.3.16)
  geoip-c
  htmlentities
  maxmind-db (~> 1.0.0)
  net-dns
  oj
  recog (>= 2.3.8)
  rspec (~> 3.9.0)

BUNDLED WITH
   2.0.2
